GEM
  remote: http://rubygems.org/
  specs:
    classifier (1.3.5)
      fast-stemmer (~> 1.0.0)
      mathn
      rake
    colorator (0.1)
    colorize (0.8.1)
    commander (4.1.6)
      highline (~> 1.6.11)
    csscss (1.3.3)
      colorize
      parslet (>= 1.6.1, < 2.0)
    fast-stemmer (1.0.2)
    ffi (1.10.0)
    highline (1.6.21)
    jekyll (1.3.1)
      classifier (~> 1.3)
      colorator (~> 0.1)
      commander (~> 4.1.3)
      liquid (~> 2.5.2)
      listen (~> 1.3)
      maruku (~> 0.6.0)
      pygments.rb (~> 0.5.0)
      redcarpet (~> 2.3.0)
      safe_yaml (~> 0.9.7)
    kramdown (2.3.1)
      rexml
    liquid (2.5.5)
    listen (1.3.1)
      rb-fsevent (>= 0.9.3)
      rb-inotify (>= 0.9)
      rb-kqueue (>= 0.2)
    maruku (0.6.1)
      syntax (>= 1.0.0)
    mathn (0.1.0)
    parslet (1.8.2)
    posix-spawn (0.3.13)
    pygments.rb (0.5.4)
      posix-spawn (~> 0.3.6)
      yajl-ruby (~> 1.1.0)
    rake (12.3.2)
    rb-fsevent (0.10.3)
    rb-inotify (0.10.0)
      ffi (~> 1.0)
    rb-kqueue (0.2.5)
      ffi (>= 0.5.0)
    redcarpet (2.3.0)
    rexml (3.2.4)
    safe_yaml (0.9.7)
    sass (3.7.4)
      sass-listen (~> 4.0.0)
    sass-listen (4.0.0)
      rb-fsevent (~> 0.9, >= 0.9.4)
      rb-inotify (~> 0.9, >= 0.9.7)
    syntax (1.2.2)
    yajl-ruby (1.1.0)

PLATFORMS
  ruby

DEPENDENCIES
  csscss (~> 1.3)
  jekyll (~> 1.3.0)
  kramdown
  sass (>= 3.2)

BUNDLED WITH
   2.0.1
